GEM
  remote: https://rubygems.org/
  specs:
    activesupport (4.0.13)
      i18n (~> 0.6, >= 0.6.9)
      minitest (~> 4.2)
      multi_json (~> 1.3)
      thread_safe (~> 0.1)
      tzinfo (~> 0.3.37)
    adsf (1.1.1)
      rack (>= 1.0.0)
    bourbon (3.2.4)
      sass (~> 3.2)
      thor
    coderay (1.1.2)
    concurrent-ruby (1.1.5)
    cri (2.15.5)
    ffi (1.10.0)
    formatador (0.2.5)
    guard (1.8.3)
      formatador (>= 0.2.4)
      listen (~> 1.3)
      lumberjack (>= 1.0.2)
      pry (>= 0.9.10)
      thor (>= 0.14.6)
    guard-nanoc (1.0.2)
      guard (>= 1.8.0)
      nanoc (>= 3.6.3)
    i18n (0.9.5)
      concurrent-ruby (~> 1.0)
    listen (1.3.1)
      rb-fsevent (>= 0.9.3)
      rb-inotify (>= 0.9)
      rb-kqueue (>= 0.2)
    lumberjack (1.0.13)
    method_source (0.9.2)
    minitest (4.7.5)
    multi_json (1.8.4)
    nanoc (3.6.11)
      cri (~> 2.3)
    pry (0.12.2)
      coderay (~> 1.1.0)
      method_source (~> 0.9.0)
    rack (2.0.7)
    rb-fsevent (0.10.3)
    rb-inotify (0.10.0)
      ffi (~> 1.0)
    rb-kqueue (0.2.5)
      ffi (>= 0.5.0)
    sass (3.2.19)
    terminal-notifier-guard (1.5.3)
    thor (0.20.3)
    thread_safe (0.3.6)
    tzinfo (0.3.55)

PLATFORMS
  ruby

DEPENDENCIES
  activesupport (~> 4.0.0)
  adsf (~> 1.1.1)
  bourbon (~> 3.2.3)
  guard-nanoc (~> 1.0.0)
  listen (~> 1.3.1)
  multi_json (~> 1.8.0)
  nanoc (~> 3.6.5)
  sass (~> 3.2.12)
  terminal-notifier-guard (~> 1.5.3)

BUNDLED WITH
   1.17.1
