GEM
  remote: https://rubygems.org/
  specs:
    activesupport (5.0.7.2)
      concurrent-ruby (~> 1.0, >= 1.0.2)
      i18n (>= 0.7, < 2)
      minitest (~> 5.1)
      tzinfo (~> 1.1)
    adsf (1.1.1)
      rack (>= 1.0.0)
    bourbon (3.2.4)
      sass (~> 3.2)
      thor
    coderay (1.1.2)
    concurrent-ruby (1.1.5)
    cri (2.15.10)
    ffi (1.12.1)
    formatador (0.2.5)
    guard (1.8.3)
      formatador (>= 0.2.4)
      listen (~> 1.3)
      lumberjack (>= 1.0.2)
      pry (>= 0.9.10)
      thor (>= 0.14.6)
    guard-nanoc (1.0.2)
      guard (>= 1.8.0)
      nanoc (>= 3.6.3)
    i18n (1.8.2)
      concurrent-ruby (~> 1.0)
    listen (1.3.1)
      rb-fsevent (>= 0.9.3)
      rb-inotify (>= 0.9)
      rb-kqueue (>= 0.2)
    lumberjack (1.2.1)
    method_source (0.9.2)
    minitest (5.14.0)
    multi_json (1.8.4)
    nanoc (3.6.11)
      cri (~> 2.3)
    pry (0.12.2)
      coderay (~> 1.1.0)
      method_source (~> 0.9.0)
    rack (3.0.9.1)
    rb-fsevent (0.10.3)
    rb-inotify (0.10.1)
      ffi (~> 1.0)
    rb-kqueue (0.2.5)
      ffi (>= 0.5.0)
    sass (3.2.19)
    terminal-notifier-guard (1.5.3)
    thor (1.0.1)
    thread_safe (0.3.6)
    tzinfo (1.2.6)
      thread_safe (~> 0.1)
    webrick (1.7.0)

PLATFORMS
  ruby

DEPENDENCIES
  activesupport (~> 5.0.0)
  adsf (~> 1.1.1)
  bourbon (~> 3.2.3)
  guard-nanoc (~> 1.0.0)
  listen (~> 1.3.1)
  multi_json (~> 1.8.0)
  nanoc (~> 3.6.5)
  sass (~> 3.2.12)
  terminal-notifier-guard (~> 1.5.3)
  webrick (~> 1.7)

BUNDLED WITH
   2.3.11
